GEM
  remote: https://rubygems.org/
  specs:
    cairo (1.12.8)
      pkg-config
    fontdock (0.0.2)
      pango
      thor
    glib2 (2.1.0)
      pkg-config
    haml (4.0.4)
      tilt
    pango (2.1.0)
      cairo (>= 1.12.5)
      glib2 (= 2.1.0)
    pkg-config (1.1.5)
    rack (1.5.2)
    rack-protection (1.5.1)
      rack
    rack-test (0.6.2)
      rack (>= 1.0)
    rr (1.1.2)
    sinatra (1.4.4)
      rack (~> 1.4)
      rack-protection (~> 1.4)
      tilt (~> 1.3, >= 1.3.4)
    tanka (0.0.1)
      cairo
      fontdock (>= 0.0.2)
      pango
    test-unit (2.5.5)
    test-unit-notify (1.0.1)
      test-unit (>= 2.4.9)
    test-unit-rr (1.0.3)
      rr (>= 1.1.1)
      test-unit (>= 2.5.2)
    thor (0.18.1)
    tilt (1.4.1)

PLATFORMS
  ruby

DEPENDENCIES
  haml
  rack-test
  sinatra
  tanka
  test-unit
  test-unit-notify
  test-unit-rr
