GEM
  remote: https://rubygems.org/
  specs:
    cairo (1.14.1)
      pkg-config (>= 1.1.5)
    fontdock (0.0.2)
      pango
      thor
    glib2 (2.2.4)
      pkg-config
    haml (4.0.6)
      tilt
    pango (2.2.4)
      cairo (>= 1.14.0)
      glib2 (= 2.2.4)
    pkg-config (1.1.6)
    power_assert (0.2.3)
    rack (1.6.0)
    rack-protection (1.5.3)
      rack
    rack-test (0.6.3)
      rack (>= 1.0)
    rr (1.1.2)
    sinatra (1.4.5)
      rack (~> 1.4)
      rack-protection (~> 1.4)
      tilt (~> 1.3, >= 1.3.4)
    tanka_renderer (0.0.1)
      cairo
      fontdock (>= 0.0.2)
      pango
    test-unit (3.0.9)
      power_assert
    test-unit-notify (1.0.4)
      test-unit (>= 2.4.9)
    test-unit-rr (1.0.3)
      rr (>= 1.1.1)
      test-unit (>= 2.5.2)
    thor (0.19.1)
    tilt (1.4.1)

PLATFORMS
  ruby

DEPENDENCIES
  haml
  rack-test
  sinatra
  tanka_renderer
  test-unit
  test-unit-notify
  test-unit-rr
